GEM
  remote: https://rubygems.org/
  specs:
    addressable (2.8.0)
      public_suffix (>= 2.0.2, < 5.0)
    httparty (0.18.1)
      mime-types (~> 3.0)
      multi_xml (>= 0.5.2)
    mime-types (3.3.1)
      mime-types-data (~> 3.2015)
    mime-types-data (3.2021.0704)
    multi_xml (0.6.0)
    nokogiri (1.11.7-arm64-darwin)
      racc (~> 1.4)
    public_suffix (4.0.6)
    racc (1.5.2)

PLATFORMS
  arm64-darwin-20

DEPENDENCIES
  addressable (~> 2.8)
  httparty (~> 0.18.1)
  nokogiri (~> 1.11)

BUNDLED WITH
   2.2.15
